GIT
  remote: git://github.com/erichmachado/termin_de.git
  revision: 6e38f0dfd48c5e3284535755bb502c6809e86fdf
  specs:
    termin_de (0.0.1)
      curb (>= 0.8.8)
      nokogiri (>= 1.6.6)

GEM
  remote: https://rubygems.org/
  specs:
    curb (0.8.8)
    mail (2.6.3)
      mime-types (>= 1.16, < 3)
    mime-types (2.6.2)
    mini_portile (0.6.2)
    nokogiri (1.6.6.2)
      mini_portile (~> 0.6.0)

PLATFORMS
  ruby

DEPENDENCIES
  mail
  termin_de!

BUNDLED WITH
   1.10.6
